GEM
  remote: https://rubygems.org/
  specs:
    mustache (1.1.0)

PLATFORMS
  ruby

DEPENDENCIES
  mustache (~> 1.0)

BUNDLED WITH
   1.16.6
